GEM
  remote: https://rubygems.org/
  specs:
    minitest (5.11.3)
    parslet (1.8.2)

PLATFORMS
  ruby

DEPENDENCIES
  minitest
  parslet

BUNDLED WITH
   1.16.1
